GEM
  remote: https://rubygems.org/
  specs:
    concurrent-ruby (1.1.9)
    faker (2.19.0)
      i18n (>= 1.6, < 2)
    i18n (1.8.10)
      concurrent-ruby (~> 1.0)
    minitest (5.14.4)
    ruby2d (0.11.0)

PLATFORMS
  x64-mingw32

DEPENDENCIES
  faker (~> 2.19.0)
  minitest (~> 5)
  ruby2d (~> 0.11.0)

BUNDLED WITH
   2.2.29
